GEM
  remote: http://rubygems.org/
  specs:
    addressable (2.3.2)
    cinch (1.1.1)
    coderay (1.0.8)
    diff-lcs (1.1.2)
    faraday (0.8.4)
      multipart-post (~> 1.1)
    faraday_middleware (0.9.0)
      faraday (>= 0.7.4, < 0.9)
    hashie (1.2.0)
    json (1.5.1)
    method_source (0.8.1)
    mime-types (1.16)
    multi_json (1.5.0)
    multipart-post (1.1.5)
    netrc (0.7.7)
    nokogiri (1.4.4)
    octokit (1.22.0)
      addressable (~> 2.2)
      faraday (~> 0.8)
      faraday_middleware (~> 0.9)
      hashie (~> 1.2)
      multi_json (~> 1.3)
      netrc (~> 0.7.7)
    pry (0.9.11.2)
      coderay (~> 1.0.5)
      method_source (~> 0.8)
      slop (~> 3.4)
    rake (0.9.2.2)
    rest-client (1.6.1)
      mime-types (>= 1.16)
    rspec (2.5.0)
      rspec-core (~> 2.5.0)
      rspec-expectations (~> 2.5.0)
      rspec-mocks (~> 2.5.0)
    rspec-core (2.5.1)
    rspec-expectations (2.5.0)
      diff-lcs (~> 1.1.2)
    rspec-mocks (2.5.0)
    slop (3.4.3)

PLATFORMS
  ruby

DEPENDENCIES
  cinch
  json
  nokogiri
  octokit
  pry
  rake
  rest-client
  rspec (>= 2.5.0)
